GEM
  remote: https://rubygems.org/
  specs:
    bluecloth (2.2.0)
    gli (2.13.1)
    json (1.8.3)
    mini_portile (0.6.2)
    nokogiri (1.6.6.2)
      mini_portile (~> 0.6.0)
    rack (1.6.4)
    rack-protection (1.5.3)
      rack
    showoff (0.3.4)
      bluecloth
      gli (>= 1.1.1)
      json
      nokogiri
      sinatra
    sinatra (1.4.6)
      rack (~> 1.4)
      rack-protection (~> 1.4)
      tilt (>= 1.3, < 3)
    tilt (2.0.1)

PLATFORMS
  ruby

DEPENDENCIES
  bluecloth
  gli
  nokogiri
  showoff (= 0.3.4)
